PATH
  remote: .
  specs:
    burrow (0.0.2)
      crack
      formatador
      nest_thermostat
      thor

GEM
  remote: https://rubygems.org/
  specs:
    abstract_type (0.0.7)
    adamantium (0.2.0)
      ice_nine (~> 0.11.0)
      memoizable (~> 0.4.0)
    ast (2.0.0)
    awesome_print (1.6.1)
    concord (0.1.5)
      adamantium (~> 0.2.0)
      equalizer (~> 0.0.9)
    crack (0.4.2)
      safe_yaml (~> 1.0.0)
    diff-lcs (1.2.5)
    equalizer (0.0.9)
    formatador (0.2.5)
    httparty (0.8.3)
      multi_json (~> 1.0)
      multi_xml
    ice_nine (0.11.1)
    memoizable (0.4.2)
      thread_safe (~> 0.3, >= 0.3.1)
    multi_json (1.10.1)
    multi_xml (0.5.5)
    nest_thermostat (0.0.4)
      httparty (~> 0.8.3)
    parser (2.2.0.3)
      ast (>= 1.1, < 3.0)
    procto (0.0.2)
    rainbow (2.0.0)
    rake (10.4.2)
    reek (2.0.0)
      parser (~> 2.2)
      rainbow (~> 2.0)
      unparser (~> 0.2.2)
    roodi (4.1.1)
      ruby_parser (~> 3.2, >= 3.2.2)
    rspec (3.2.0)
      rspec-core (~> 3.2.0)
      rspec-expectations (~> 3.2.0)
      rspec-mocks (~> 3.2.0)
    rspec-core (3.2.1)
      rspec-support (~> 3.2.0)
    rspec-expectations (3.2.0)
      diff-lcs (>= 1.2.0, < 2.0)
      rspec-support (~> 3.2.0)
    rspec-mocks (3.2.1)
      diff-lcs (>= 1.2.0, < 2.0)
      rspec-support (~> 3.2.0)
    rspec-support (3.2.2)
    ruby_parser (3.6.4)
      sexp_processor (~> 4.1)
    safe_yaml (1.0.4)
    sexp_processor (4.4.5)
    thor (0.19.1)
    thread_safe (0.3.4)
    unparser (0.2.2)
      abstract_type (~> 0.0.7)
      adamantium (~> 0.2.0)
      concord (~> 0.1.5)
      diff-lcs (~> 1.2.5)
      equalizer (~> 0.0.9)
      parser (~> 2.2.0.2)
      procto (~> 0.0.2)
    yard (0.8.7.6)

PLATFORMS
  ruby

DEPENDENCIES
  awesome_print
  bundler (~> 1.7)
  burrow!
  rake (~> 10.0)
  reek
  roodi
  rspec
  yard
